GEM
  remote: http://rubygems.org/
  specs:
    albino (1.3.3)
      posix-spawn (>= 0.3.6)
    classifier (1.3.4)
      fast-stemmer (>= 1.0.0)
    directory_watcher (1.5.1)
    fast-stemmer (1.0.2)
    jekyll (0.6.2)
      classifier (>= 1.3.1)
      directory_watcher (>= 1.1.1)
      liquid (>= 1.9.0)
      maruku (>= 0.5.9)
    liquid (2.6.3)
    maruku (0.7.2)
    posix-spawn (0.3.11)
    rdiscount (2.1.8)
    redcarpet (3.3.2)
    sass (3.4.16)

PLATFORMS
  ruby

DEPENDENCIES
  albino
  jekyll
  rdiscount
  redcarpet
  sass

BUNDLED WITH
   1.10.6
